PATH
  remote: .
  specs:
    cronos_scanner (0.2.3)

GEM
  remote: https://rubygems.org/
  specs:
    minitest (5.15.0)
    rake (13.0.6)

PLATFORMS
  x86_64-darwin-20

DEPENDENCIES
  bundler (~> 2.0)
  cronos_scanner!
  minitest (~> 5.0)
  rake (~> 13.0)

BUNDLED WITH
   2.2.19
